GIT
  remote: https://github.com/piernov/sinatra-github.git
  revision: 5697c7da368da13393bc48427b9ea765802389b5
  specs:
    sinatra-github (0.0.1)
      sinatra (~> 1.4)

GEM
  remote: https://rubygems.org/
  specs:
    daemons (1.2.4)
    eventmachine (1.2.0.1)
    isaac (0.2.6)
    rack (1.6.11)
    rack-protection (1.5.3)
      rack
    sinatra (1.4.7)
      rack (~> 1.5)
      rack-protection (~> 1.4)
      tilt (>= 1.3, < 3)
    slim (3.0.7)
      temple (~> 0.7.6)
      tilt (>= 1.3.3, < 2.1)
    temple (0.7.7)
    thin (1.7.0)
      daemons (~> 1.0, >= 1.0.9)
      eventmachine (~> 1.0, >= 1.0.4)
      rack (>= 1, < 3)
    tilt (1.4.1)

PLATFORMS
  ruby

DEPENDENCIES
  eventmachine
  isaac
  rack (~> 1)
  sinatra
  sinatra-github!
  slim
  thin

BUNDLED WITH
   1.13.6
